GEM
  remote: http://rubygems.org/
  specs:
    POpen4 (0.1.4)
      Platform (>= 0.4.0)
      open4
    Platform (0.4.0)
    awesome_print (1.0.2)
    backup (3.0.23)
      POpen4 (~> 0.1.4)
      thor (~> 0.14.6)
    coderay (1.0.5)
    method_source (0.7.0)
    open4 (1.3.0)
    pry (0.9.8.2)
      coderay (~> 1.0.5)
      method_source (~> 0.7)
      slop (>= 2.4.4, < 3)
    rake (0.9.2.2)
    rbenv-rehash (0.2)
    slop (2.4.4)
    thor (0.14.6)

PLATFORMS
  ruby

DEPENDENCIES
  awesome_print
  backup
  pry
  rake
  rbenv-rehash
